PATH
  remote: .
  specs:
    ruby-elastic (0.1.0)

GEM
  remote: https://rubygems.org/
  specs:
    byebug (10.0.2)
    coderay (1.1.2)
    concurrent-ruby (1.0.5)
    faraday (0.15.2)
      multipart-post (>= 1.2, < 3)
    m (1.5.1)
      method_source (>= 0.6.7)
      rake (>= 0.9.2.2)
    method_source (0.9.0)
    minitest (5.11.3)
    moneta (1.0.0)
    multipart-post (2.0.0)
    pry (0.11.3)
      coderay (~> 1.1.0)
      method_source (~> 0.9.0)
    pry-byebug (3.6.0)
      byebug (~> 10.0)
      pry (~> 0.10)
    puma (3.12.0)
    rake (10.5.0)

PLATFORMS
  ruby

DEPENDENCIES
  bundler (~> 1.16)
  concurrent-ruby (~> 1.0)
  faraday (~> 0.15)
  m (~> 1.5)
  minitest (~> 5.0)
  moneta (~> 1.0)
  pry (~> 0.11)
  pry-byebug (~> 3.6)
  puma (~> 3.12)
  rake (~> 10.0)
  ruby-elastic!

BUNDLED WITH
   1.16.2
